GEM
  remote: http://rubygems.org/
  specs:
    diff-lcs (1.1.2)
    iobuffer (1.0.0)
    json_pure (1.4.6)
    msgpack (0.4.4)
    msgpack-rpc (0.4.3)
      msgpack (>= 0.4.4)
      rev (>= 0.3.0)
    rev (0.3.2)
      iobuffer (>= 0.1.3)
    rspec (2.4.0)
      rspec-core (~> 2.4.0)
      rspec-expectations (~> 2.4.0)
      rspec-mocks (~> 2.4.0)
    rspec-core (2.4.0)
    rspec-expectations (2.4.0)
      diff-lcs (~> 1.1.2)
    rspec-mocks (2.4.0)

PLATFORMS
  ruby

DEPENDENCIES
  json_pure
  msgpack
  msgpack-rpc
  rspec
